PATH
  remote: .
  specs:
    random_jokes (0.1.0)

GEM
  remote: https://rubygems.org/
  specs:
    coderay (1.1.3)
    colorize (0.8.1)
    json (2.5.1)
    method_source (1.0.0)
    net-http (0.1.1)
      net-protocol
      uri
    net-protocol (0.1.0)
    open-uri (0.1.0)
    pry (0.14.0)
      coderay (~> 1.1)
      method_source (~> 1.0)
    rake (12.3.3)
    uri (0.10.1)

PLATFORMS
  ruby

DEPENDENCIES
  colorize (~> 0.8.1)
  json
  net-http
  open-uri
  pry
  rake (~> 12.0)
  random_jokes!

BUNDLED WITH
   2.1.4
